GEM
  remote: https://rubygems.org/
  specs:
    coderay (1.1.2)
    httparty (0.16.3)
      mime-types (~> 3.0)
      multi_xml (>= 0.5.2)
    method_source (0.8.2)
    mime-types (3.2.2)
      mime-types-data (~> 3.2015)
    mime-types-data (3.2018.0812)
    multi_xml (0.6.0)
    pry (0.10.4)
      coderay (~> 1.1.0)
      method_source (~> 0.8.1)
      slop (~> 3.4)
    slop (3.6.0)
    sqlite3 (1.3.13)

PLATFORMS
  ruby

DEPENDENCIES
  httparty (~> 0.16.3)
  pry (~> 0.10.3)
  sqlite3 (~> 1.3, >= 1.3.11)

BUNDLED WITH
   1.17.1
